GEM
  remote: http://rubygems.com/
  specs:

PLATFORMS
  ruby

DEPENDENCIES

BUNDLED WITH
   2.0.2
